GEM
  remote: https://rubygems.org/
  specs:
    actionpack (5.2.2.1)
      actionview (= 5.2.2.1)
      activesupport (= 5.2.2.1)
      rack (~> 2.0)
      rack-test (>= 0.6.3)
      rails-dom-testing (~> 2.0)
      rails-html-sanitizer (~> 1.0, >= 1.0.2)
    actionview (5.2.2.1)
      activesupport (= 5.2.2.1)
      builder (~> 3.1)
      erubi (~> 1.4)
      rails-dom-testing (~> 2.0)
      rails-html-sanitizer (~> 1.0, >= 1.0.3)
    activesupport (5.2.2.1)
      concurrent-ruby (~> 1.0, >= 1.0.2)
      i18n (>= 0.7, < 2)
      minitest (~> 5.1)
      tzinfo (~> 1.1)
    addressable (2.5.2)
      public_suffix (>= 2.0.2, < 4.0)
    ast (2.4.0)
    builder (3.2.3)
    coffee-script (2.4.1)
      coffee-script-source
      execjs
    coffee-script-source (1.11.1)
    colorator (1.1.0)
    colorize (0.8.1)
    commonmarker (0.17.13)
      ruby-enum (~> 0.5)
    concurrent-ruby (1.1.5)
    crass (1.0.4)
    em-websocket (0.5.1)
      eventmachine (>= 0.12.9)
      http_parser.rb (~> 0.6.0)
    erubi (1.8.0)
    ethon (0.12.0)
      ffi (>= 1.3.0)
    eventmachine (1.2.7)
    execjs (2.7.0)
    faraday (0.15.4)
      multipart-post (>= 1.2, < 3)
    ffi (1.10.0)
    forwardable-extended (2.6.0)
    gemoji (3.0.0)
    html-pipeline (2.10.0)
      activesupport (>= 2)
      nokogiri (>= 1.4)
    html-proofer (3.10.2)
      activesupport (>= 4.2, < 6.0)
      addressable (~> 2.3)
      colorize (~> 0.8)
      mercenary (~> 0.3.2)
      nokogiri (~> 1.9)
      parallel (~> 1.3)
      typhoeus (~> 1.3)
      yell (~> 2.0)
    http_parser.rb (0.6.0)
    i18n (0.9.5)
      concurrent-ruby (~> 1.0)
    jaro_winkler (1.5.2)
    jekyll (3.8.5)
      addressable (~> 2.4)
      colorator (~> 1.0)
      em-websocket (~> 0.5)
      i18n (~> 0.7)
      jekyll-sass-converter (~> 1.0)
      jekyll-watch (~> 2.0)
      kramdown (~> 1.14)
      liquid (~> 4.0)
      mercenary (~> 0.3.3)
      pathutil (~> 0.9)
      rouge (>= 1.7, < 4)
      safe_yaml (~> 1.0)
    jekyll-avatar (0.6.0)
      jekyll (~> 3.0)
    jekyll-coffeescript (1.1.1)
      coffee-script (~> 2.2)
      coffee-script-source (~> 1.11.1)
    jekyll-commonmark (1.2.0)
      commonmarker (~> 0.14)
      jekyll (>= 3.0, < 4.0)
    jekyll-commonmark-ghpages (0.1.6)
      commonmarker (~> 0.17.6)
      jekyll-commonmark (~> 1.2)
      rouge (>= 2.0, < 4.0)
    jekyll-default-layout (0.1.4)
      jekyll (~> 3.0)
    jekyll-feed (0.11.0)
      jekyll (~> 3.3)
    jekyll-gist (1.5.0)
      octokit (~> 4.2)
    jekyll-github-metadata (2.12.1)
      jekyll (~> 3.4)
      octokit (~> 4.0, != 4.4.0)
    jekyll-optional-front-matter (0.3.0)
      jekyll (~> 3.0)
    jekyll-paginate (1.1.0)
    jekyll-readme-index (0.2.0)
      jekyll (~> 3.0)
    jekyll-redirect-from (0.14.0)
      jekyll (~> 3.3)
    jekyll-relative-links (0.6.0)
      jekyll (~> 3.3)
    jekyll-remote-theme (0.3.1)
      jekyll (~> 3.5)
      rubyzip (>= 1.2.1, < 3.0)
    jekyll-sass-converter (1.5.2)
      sass (~> 3.4)
    jekyll-seo-tag (2.5.0)
      jekyll (~> 3.3)
    jekyll-sitemap (1.2.0)
      jekyll (~> 3.3)
    jekyll-swiss (1.0.0)
    jekyll-theme-architect (0.1.1)
      jekyll (~> 3.5)
      jekyll-seo-tag (~> 2.0)
    jekyll-theme-cayman (0.1.1)
      jekyll (~> 3.5)
      jekyll-seo-tag (~> 2.0)
    jekyll-theme-dinky (0.1.1)
      jekyll (~> 3.5)
      jekyll-seo-tag (~> 2.0)
    jekyll-theme-hacker (0.1.1)
      jekyll (~> 3.5)
      jekyll-seo-tag (~> 2.0)
    jekyll-theme-leap-day (0.1.1)
      jekyll (~> 3.5)
      jekyll-seo-tag (~> 2.0)
    jekyll-theme-merlot (0.1.1)
      jekyll (~> 3.5)
      jekyll-seo-tag (~> 2.0)
    jekyll-theme-midnight (0.1.1)
      jekyll (~> 3.5)
      jekyll-seo-tag (~> 2.0)
    jekyll-theme-minimal (0.1.1)
      jekyll (~> 3.5)
      jekyll-seo-tag (~> 2.0)
    jekyll-theme-modernist (0.1.1)
      jekyll (~> 3.5)
      jekyll-seo-tag (~> 2.0)
    jekyll-theme-primer (0.5.3)
      jekyll (~> 3.5)
      jekyll-github-metadata (~> 2.9)
      jekyll-seo-tag (~> 2.0)
    jekyll-theme-slate (0.1.1)
      jekyll (~> 3.5)
      jekyll-seo-tag (~> 2.0)
    jekyll-theme-tactile (0.1.1)
      jekyll (~> 3.5)
      jekyll-seo-tag (~> 2.0)
    jekyll-theme-time-machine (0.1.1)
      jekyll (~> 3.5)
      jekyll-seo-tag (~> 2.0)
    jekyll-titles-from-headings (0.5.1)
      jekyll (~> 3.3)
    jekyll-toc (0.9.1)
      nokogiri (~> 1.8)
    jekyll-watch (2.1.2)
      listen (~> 3.0)
    jemoji (0.10.2)
      gemoji (~> 3.0)
      html-pipeline (~> 2.2)
      jekyll (~> 3.0)
    kramdown (1.17.0)
    libv8 (6.7.288.46.1)
    liquid (4.0.3)
    listen (3.1.5)
      rb-fsevent (~> 0.9, >= 0.9.4)
      rb-inotify (~> 0.9, >= 0.9.7)
      ruby_dep (~> 1.2)
    loofah (2.2.3)
      crass (~> 1.0.2)
      nokogiri (>= 1.5.9)
    mercenary (0.3.6)
    method_source (0.9.2)
    mini_portile2 (2.4.0)
    mini_racer (0.2.4)
      libv8 (>= 6.3)
    minima (2.5.0)
      jekyll (~> 3.5)
      jekyll-feed (~> 0.9)
      jekyll-seo-tag (~> 2.1)
    minitest (5.11.3)
    multipart-post (2.0.0)
    nokogiri (1.10.4)
      mini_portile2 (~> 2.4.0)
    octokit (4.13.0)
      sawyer (~> 0.8.0, >= 0.5.3)
    parallel (1.14.0)
    parser (2.6.0.0)
      ast (~> 2.4.0)
    pathutil (0.16.2)
      forwardable-extended (~> 2.6)
    powerpack (0.1.2)
    psych (3.1.0)
    public_suffix (3.0.3)
    rack (2.0.6)
    rack-test (1.1.0)
      rack (>= 1.0, < 3)
    rails-dom-testing (2.0.3)
      activesupport (>= 4.2.0)
      nokogiri (>= 1.6)
    rails-html-sanitizer (1.0.4)
      loofah (~> 2.2, >= 2.2.2)
    railties (5.2.2.1)
      actionpack (= 5.2.2.1)
      activesupport (= 5.2.2.1)
      method_source
      rake (>= 0.8.7)
      thor (>= 0.19.0, < 2.0)
    rainbow (3.0.0)
    rake (12.3.2)
    rb-fsevent (0.10.3)
    rb-inotify (0.10.0)
      ffi (~> 1.0)
    rouge (3.3.0)
    rubocop (0.65.0)
      jaro_winkler (~> 1.5.1)
      parallel (~> 1.10)
      parser (>= 2.5, != 2.5.1.1)
      powerpack (~> 0.1)
      psych (>= 3.1.0)
      rainbow (>= 2.2.2, < 4.0)
      ruby-progressbar (~> 1.7)
      unicode-display_width (~> 1.4.0)
    ruby-enum (0.7.2)
      i18n
    ruby-progressbar (1.10.0)
    ruby_dep (1.5.0)
    rubyzip (1.2.2)
    safe_yaml (1.0.5)
    sass (3.7.3)
      sass-listen (~> 4.0.0)
    sass-listen (4.0.0)
      rb-fsevent (~> 0.9, >= 0.9.4)
      rb-inotify (~> 0.9, >= 0.9.7)
    sawyer (0.8.1)
      addressable (>= 2.3.5, < 2.6)
      faraday (~> 0.8, < 1.0)
    terminal-table (1.8.0)
      unicode-display_width (~> 1.1, >= 1.1.1)
    thor (0.20.3)
    thread_safe (0.3.6)
    typhoeus (1.3.1)
      ethon (>= 0.9.0)
    tzinfo (1.2.5)
      thread_safe (~> 0.1)
    unicode-display_width (1.4.1)
    yell (2.0.7)

PLATFORMS
  ruby

DEPENDENCIES
  actionview (>= 5.2.2.1)
  activesupport
  html-proofer
  jekyll (~> 3.8.5)
  jekyll-avatar
  jekyll-coffeescript
  jekyll-commonmark-ghpages
  jekyll-default-layout
  jekyll-feed
  jekyll-gist
  jekyll-github-metadata
  jekyll-optional-front-matter
  jekyll-paginate
  jekyll-readme-index
  jekyll-redirect-from
  jekyll-relative-links
  jekyll-remote-theme
  jekyll-seo-tag
  jekyll-sitemap
  jekyll-swiss
  jekyll-theme-architect
  jekyll-theme-cayman
  jekyll-theme-dinky
  jekyll-theme-hacker
  jekyll-theme-leap-day
  jekyll-theme-merlot
  jekyll-theme-midnight
  jekyll-theme-minimal
  jekyll-theme-modernist
  jekyll-theme-primer
  jekyll-theme-slate
  jekyll-theme-tactile
  jekyll-theme-time-machine
  jekyll-titles-from-headings
  jekyll-toc
  jemoji
  kramdown
  liquid
  listen
  mercenary
  mini_racer
  minima
  nokogiri (>= 1.10.4)
  rack (~> 2.0.6)
  railties (>= 5.2.2.1)
  rouge
  rubocop
  rubyzip (~> 1.2.2)
  terminal-table

BUNDLED WITH
   1.16.2
